GEM
  remote: http://rubygems.org/
  specs:
    addressable (2.2.8)
    bcrypt-ruby (3.0.1)
    clockwork (0.4.1)
      tzinfo
    data_mapper (1.2.0)
      dm-aggregates (~> 1.2.0)
      dm-constraints (~> 1.2.0)
      dm-core (~> 1.2.0)
      dm-migrations (~> 1.2.0)
      dm-serializer (~> 1.2.0)
      dm-timestamps (~> 1.2.0)
      dm-transactions (~> 1.2.0)
      dm-types (~> 1.2.0)
      dm-validations (~> 1.2.0)
    data_objects (0.10.11)
      addressable (~> 2.1)
    dm-aggregates (1.2.0)
      dm-core (~> 1.2.0)
    dm-constraints (1.2.0)
      dm-core (~> 1.2.0)
    dm-core (1.2.0)
      addressable (~> 2.2.6)
    dm-do-adapter (1.2.0)
      data_objects (~> 0.10.6)
      dm-core (~> 1.2.0)
    dm-migrations (1.2.0)
      dm-core (~> 1.2.0)
    dm-mysql-adapter (1.2.0)
      dm-do-adapter (~> 1.2.0)
      do_mysql (~> 0.10.6)
    dm-postgres-adapter (1.2.0)
      dm-do-adapter (~> 1.2.0)
      do_postgres (~> 0.10.6)
    dm-serializer (1.2.2)
      dm-core (~> 1.2.0)
      fastercsv (~> 1.5)
      json (~> 1.6)
      json_pure (~> 1.6)
      multi_json (~> 1.0)
    dm-timestamps (1.2.0)
      dm-core (~> 1.2.0)
    dm-transactions (1.2.0)
      dm-core (~> 1.2.0)
    dm-types (1.2.2)
      bcrypt-ruby (~> 3.0)
      dm-core (~> 1.2.0)
      fastercsv (~> 1.5)
      json (~> 1.6)
      multi_json (~> 1.0)
      stringex (~> 1.4)
      uuidtools (~> 2.1)
    dm-validations (1.2.0)
      dm-core (~> 1.2.0)
    do_mysql (0.10.11)
      data_objects (= 0.10.11)
    do_postgres (0.10.11)
      data_objects (= 0.10.11)
    faraday (0.8.4)
      multipart-post (~> 1.1)
    fastercsv (1.5.5)
    hashie (1.2.0)
    json (1.7.6)
    json_pure (1.7.6)
    mime-types (1.19)
    multi_json (1.5.0)
    multipart-post (1.1.5)
    mysql2 (0.3.11)
    nokogiri (1.5.6)
    oauth (0.4.7)
    omniauth (1.1.3)
      hashie (~> 1.2)
      rack
    omniauth-oauth (1.0.1)
      oauth
      omniauth (~> 1.0)
    omniauth-twitter (0.0.14)
      multi_json (~> 1.3)
      omniauth-oauth (~> 1.0)
    pg (0.14.1)
    rack (1.4.3)
    rack-protection (1.3.2)
      rack
    rest-client (1.6.7)
      mime-types (>= 1.16)
    shotgun (0.9)
      rack (>= 1.0)
    simple_oauth (0.2.0)
    sinatra (1.3.3)
      rack (~> 1.3, >= 1.3.6)
      rack-protection (~> 1.2)
      tilt (~> 1.3, >= 1.3.3)
    stringex (1.5.1)
    tilt (1.3.3)
    twitter (4.4.3)
      faraday (~> 0.8, < 0.10)
      multi_json (~> 1.3)
      simple_oauth (~> 0.2)
    tzinfo (0.3.35)
    uuidtools (2.1.3)

PLATFORMS
  ruby

DEPENDENCIES
  clockwork
  data_mapper
  dm-mysql-adapter
  dm-postgres-adapter
  mysql2
  nokogiri
  omniauth
  omniauth-twitter
  pg
  rest-client
  shotgun
  sinatra
  twitter
